GEM
  remote: https://rubygems.org/
  specs:
    RedCloth (4.2.9)
    chunky_png (1.2.8)
    classifier (1.3.3)
      fast-stemmer (>= 1.0.0)
    compass (0.12.2)
      chunky_png (~> 1.2)
      fssm (>= 0.2.7)
      sass (~> 3.1)
    css_press (0.3.2)
      csspool-st (= 3.1.2)
      json
    csspool-st (3.1.2)
    directory_watcher (1.5.1)
    execjs (1.4.0)
      multi_json (~> 1.0)
    fast-stemmer (1.0.2)
    fssm (0.2.10)
    haml (3.1.8)
    html_press (0.8.2)
      htmlentities
      multi_css (>= 0.1.0)
      multi_js (>= 0.1.0)
    htmlentities (4.3.1)
    jekyll (0.12.1)
      classifier (~> 1.3)
      directory_watcher (~> 1.1)
      kramdown (~> 0.14)
      liquid (~> 2.3)
      maruku (~> 0.5)
      pygments.rb (~> 0.3.2)
    jekyll-press (0.2.1)
      html_press (>= 0.8.2)
      jekyll
      multi_css (>= 0.1.0)
      multi_js (>= 0.1.0)
    json (1.8.0)
    kramdown (0.14.2)
    libv8 (3.11.8.17)
    liquid (2.3.0)
    maruku (0.6.1)
      syntax (>= 1.0.0)
    multi_css (0.1.0)
      css_press
    multi_js (0.1.0)
      uglifier (~> 2)
    multi_json (1.7.7)
    posix-spawn (0.3.6)
    pygments.rb (0.3.7)
      posix-spawn (~> 0.3.6)
      yajl-ruby (~> 1.1.0)
    rack (1.5.2)
    rack-protection (1.5.0)
      rack
    rack-rewrite (1.3.3)
    rake (0.9.6)
    rb-fsevent (0.9.3)
    rdiscount (2.0.7.3)
    ref (1.0.5)
    ruby-oembed (0.8.8)
    rubypants (0.2.0)
    sass (3.2.9)
    sass-globbing (1.0.0)
      sass (>= 3.1)
    sinatra (1.4.2)
      rack (~> 1.5, >= 1.5.2)
      rack-protection (~> 1.4)
      tilt (~> 1.3, >= 1.3.4)
    stringex (1.4.0)
    syntax (1.0.0)
    therubyracer (0.11.4)
      libv8 (~> 3.11.8.12)
      ref
    tilt (1.4.1)
    uglifier (2.1.1)
      execjs (>= 0.3.0)
      multi_json (~> 1.0, >= 1.0.2)
    yajl-ruby (1.1.0)

PLATFORMS
  ruby

DEPENDENCIES
  RedCloth (~> 4.2.9)
  compass (~> 0.12.2)
  haml (~> 3.1.7)
  jekyll (~> 0.12)
  jekyll-press
  liquid (~> 2.3.0)
  pygments.rb (~> 0.3.4)
  rack-rewrite
  rake (~> 0.9)
  rb-fsevent (~> 0.9)
  rdiscount (~> 2.0.7)
  ruby-oembed
  rubypants (~> 0.2.0)
  sass-globbing (~> 1.0.0)
  sinatra (~> 1.4.2)
  stringex (~> 1.4.0)
  therubyracer
